GEM
  remote: http://rubygems.org/
  specs:
    doc_raptor (0.2.2)
      httparty (>= 0.4.3)
    httparty (0.8.1)
      multi_json
      multi_xml
    multi_json (1.0.4)
    multi_xml (0.4.1)

PLATFORMS
  ruby

DEPENDENCIES
  doc_raptor
