GEM
  remote: http://gemcutter.org/
  specs:
    actionmailer (2.3.5)
      actionpack (= 2.3.5)
    actionpack (2.3.5)
      activesupport (= 2.3.5)
      rack (~> 1.0.0)
    activerecord (2.3.5)
      activesupport (= 2.3.5)
    activeresource (2.3.5)
      activesupport (= 2.3.5)
    activesupport (2.3.5)
    crack (0.1.8)
    doc_raptor (0.1.1)
      httparty (>= 0.4.3)
    haml (3.0.22)
    httparty (0.6.1)
      crack (= 0.1.8)
    rack (1.0.1)
    rails (2.3.5)
      actionmailer (= 2.3.5)
      actionpack (= 2.3.5)
      activerecord (= 2.3.5)
      activeresource (= 2.3.5)
      activesupport (= 2.3.5)
      rake (>= 0.8.3)
    rake (0.8.7)
    sqlite3-ruby (1.3.1)

PLATFORMS
  ruby

DEPENDENCIES
  doc_raptor
  haml
  rails (= 2.3.5)
  sqlite3-ruby
